PATH
  remote: .
  specs:
    jbundle (0.0.4)
      closure-compiler

GEM
  remote: http://rubygems.org/
  specs:
    closure-compiler (0.3.3)
    rspec (1.3.1)

PLATFORMS
  ruby

DEPENDENCIES
  bundler (>= 1.0.0)
  closure-compiler
  jbundle!
  rspec (= 1.3.1)
