PATH
  remote: .
  specs:
    jbundle (0.0.9)
      closure-compiler

GEM
  remote: http://rubygems.org/
  specs:
    closure-compiler (1.1.1)
    rspec (1.3.1)

PLATFORMS
  ruby

DEPENDENCIES
  bundler (>= 1.0.0)
  jbundle!
  rspec (= 1.3.1)
