PATH
  remote: .
  specs:
    jbundle (0.1.3)
      closure-compiler
      rack
      thor

GEM
  remote: http://rubygems.org/
  specs:
    closure-compiler (1.1.1)
    rack (1.3.2)
    rspec (1.3.1)
    thor (0.14.6)

PLATFORMS
  ruby

DEPENDENCIES
  bundler (>= 1.0.0)
  jbundle!
  rspec (= 1.3.1)
